PATH
  remote: .
  specs:
    date_to_word (0.1.2)

GEM
  remote: https://rubygems.org/
  specs:
    rake (10.4.2)

PLATFORMS
  ruby

DEPENDENCIES
  bundler (~> 1.10)
  date_to_word!
  rake (~> 10.0)

BUNDLED WITH
   1.10.6
