PATH
  remote: .
  specs:
    date_to_word (0.1.7)

GEM
  remote: https://rubygems.org/
  specs:

PLATFORMS
  ruby

DEPENDENCIES
  date_to_word!

BUNDLED WITH
   1.10.6
